PATH
  remote: .
  specs:
    vcap_common (1.0.12)
      eventmachine (~> 1.0.0)
      nats (~> 0.4.26)
      posix-spawn (~> 0.3.6)
      stackato-kato
      thin (>= 1.4.0, < 1.6)
      yajl-ruby (~> 1.1.0)

GEM
  remote: http://rubygems.org/
  specs:
    addressable (2.3.2)
    beefcake (0.3.7)
    cookiejar (0.3.0)
    daemons (1.1.9)
    diff-lcs (1.1.3)
    docopt (0.5.0)
    em-http-request (1.0.3)
      addressable (>= 2.2.3)
      cookiejar
      em-socksify
      eventmachine (>= 1.0.0.beta.4)
      http_parser.rb (>= 0.5.3)
    em-socksify (0.2.1)
      eventmachine (>= 1.0.0.beta.4)
    eventmachine (1.0.0)
    eventmachine-tail (0.6.4)
      eventmachine
    fraggle (4.0.1)
      beefcake (~> 0.3)
      eventmachine
    fraggle-block (0.2.0)
      beefcake (~> 0.3)
    http_parser.rb (0.5.3)
    ipaddress (0.8.0)
    json_pure (1.7.5)
    macaddr (1.6.1)
      systemu (~> 2.5.0)
    mustache (0.99.4)
    nats (0.4.26)
      daemons (>= 1.1.5)
      eventmachine (>= 0.12.10)
      json_pure (>= 1.7.3)
      thin (>= 1.4.1)
    pg (0.14.1)
    posix-spawn (0.3.6)
    rack (1.4.1)
    rake (0.9.5)
    rspec (2.12.0)
      rspec-core (~> 2.12.0)
      rspec-expectations (~> 2.12.0)
      rspec-mocks (~> 2.12.0)
    rspec-core (2.12.1)
    rspec-expectations (2.12.0)
      diff-lcs (~> 1.1.3)
    rspec-mocks (2.12.0)
    sqlite3 (1.3.6)
    stackato-kato (1.1.0)
      docopt
      em-http-request (~> 1.0.0)
      eventmachine (~> 1.0.0)
      eventmachine-tail (~> 0.6.3)
      fraggle (= 4.0.1)
      fraggle-block (= 0.2.0)
      ipaddress (~> 0.8.0)
      mustache
      pg
      sqlite3
      term-ansicolor
      uuid (~> 2.3.5)
      vic (~> 1.0.0)
      yajl-ruby (~> 1.1.0)
    systemu (2.5.2)
    term-ansicolor (1.0.7)
    thin (1.5.0)
      daemons (>= 1.0.9)
      eventmachine (>= 0.12.6)
      rack (>= 1.0.0)
    uuid (2.3.6)
      macaddr (~> 1.0)
    vic (1.0.0)
    yajl-ruby (1.1.0)

PLATFORMS
  ruby

DEPENDENCIES
  rake (~> 0.9.2)
  rspec
  vcap_common!
