PATH
  remote: .
  specs:
    vcap_common (1.0.12)
      eventmachine (~> 1.0.0.rc4)
      nats (~> 0.4.22.beta.8)
      posix-spawn (~> 0.3.6)
      stackato-kato
      thin (~> 1.3.1)
      yajl-ruby (~> 0.8.3)

GEM
  remote: http://rubygems.org/
  specs:
    addressable (2.3.2)
    beefcake (0.3.7)
    cookiejar (0.3.0)
    daemons (1.1.9)
    diff-lcs (1.1.3)
    em-http-request (1.0.3)
      addressable (>= 2.2.3)
      cookiejar
      em-socksify
      eventmachine (>= 1.0.0.beta.4)
      http_parser.rb (>= 0.5.3)
    em-socksify (0.2.1)
      eventmachine (>= 1.0.0.beta.4)
    eventmachine (1.0.0.rc.4)
    fraggle (4.0.1)
      beefcake (~> 0.3)
      eventmachine
    fraggle-block (0.2.0)
      beefcake (~> 0.3)
    http_parser.rb (0.5.3)
    json_pure (1.7.5)
    macaddr (1.6.1)
      systemu (~> 2.5.0)
    mustache (0.99.4)
    nats (0.4.24)
      daemons (>= 1.1.5)
      eventmachine (>= 0.12.10)
      json_pure (>= 1.7.3)
      thin (>= 1.3.1)
    posix-spawn (0.3.6)
    rack (1.4.1)
    rake (0.9.2.2)
    rspec (2.11.0)
      rspec-core (~> 2.11.0)
      rspec-expectations (~> 2.11.0)
      rspec-mocks (~> 2.11.0)
    rspec-core (2.11.1)
    rspec-expectations (2.11.2)
      diff-lcs (~> 1.1.3)
    rspec-mocks (2.11.2)
    stackato-kato (1.0.0)
      em-http-request (~> 1.0.0)
      eventmachine (~> 1.0.0.rc4)
      fraggle
      fraggle-block
      mustache
      subcommand (>= 1.0.6)
      term-ansicolor
      uuid (~> 2.3.5)
      yajl-ruby (>= 0.8.2)
    subcommand (1.0.6)
    systemu (2.5.2)
    term-ansicolor (1.0.7)
    thin (1.3.1)
      daemons (>= 1.0.9)
      eventmachine (>= 0.12.6)
      rack (>= 1.0.0)
    uuid (2.3.5)
      macaddr (~> 1.0)
    yajl-ruby (0.8.3)

PLATFORMS
  ruby

DEPENDENCIES
  em-http-request
  rake (~> 0.9.2)
  rspec
  stackato-kato
  vcap_common!
