GIT
  remote: git://github.com/philwhln/fraggle-block.git
  revision: a08476f9e854243af9f87ae0efb1b3597f799971
  specs:
    fraggle-block (0.1.0)
      beefcake (~> 0.3)

PATH
  remote: .
  specs:
    vcap_common (1.0.9)
      eventmachine (~> 0.12.11.cloudfoundry.3)
      fraggle (~> 4.0.1)
      fraggle-block (~> 0.1.0)
      nats (~> 0.4.22.beta.8)
      posix-spawn (~> 0.3.6)
      thin (~> 1.3.1)
      yajl-ruby (~> 0.8.3)

GEM
  remote: http://rubygems.org/
  specs:
    addressable (2.2.7)
    beefcake (0.3.7)
    daemons (1.1.8)
    diff-lcs (1.1.3)
    em-http-request (0.3.0)
      addressable (>= 2.0.0)
      escape_utils
      eventmachine (>= 0.12.9)
    escape_utils (0.2.4)
    eventmachine (0.12.11.cloudfoundry.3)
    fraggle (4.0.1)
      beefcake (~> 0.3)
      eventmachine
    json_pure (1.6.6)
    nats (0.4.22)
      daemons (>= 1.1.4)
      eventmachine (>= 0.12.10)
      json_pure (>= 1.6.1)
      thin (>= 1.3.1)
    posix-spawn (0.3.6)
    rack (1.4.1)
    rake (0.9.2.2)
    rspec (2.9.0)
      rspec-core (~> 2.9.0)
      rspec-expectations (~> 2.9.0)
      rspec-mocks (~> 2.9.0)
    rspec-core (2.9.0)
    rspec-expectations (2.9.1)
      diff-lcs (~> 1.1.3)
    rspec-mocks (2.9.0)
    thin (1.3.1)
      daemons (>= 1.0.9)
      eventmachine (>= 0.12.6)
      rack (>= 1.0.0)
    yajl-ruby (0.8.3)

PLATFORMS
  ruby

DEPENDENCIES
  em-http-request
  fraggle
  fraggle-block!
  rake (~> 0.9.2)
  rspec
  vcap_common!
