GEM
  remote: https://rubygems.org/
  specs:
    addressable (2.3.4)
    beefcake (0.3.7)
    cookiejar (0.3.0)
    daemons (1.1.9)
    diff-lcs (1.2.4)
    docopt (0.5.0)
    em-hiredis (0.2.1)
      hiredis (~> 0.4.0)
    em-http-request (1.0.3)
      addressable (>= 2.2.3)
      cookiejar
      em-socksify
      eventmachine (>= 1.0.0.beta.4)
      http_parser.rb (>= 0.5.3)
    em-socksify (0.2.1)
      eventmachine (>= 1.0.0.beta.4)
    eventmachine (1.0.1)
    eventmachine-tail (0.6.4)
      eventmachine
    fraggle (4.0.1)
      beefcake (~> 0.3)
      eventmachine
    fraggle-block (0.2.0)
      beefcake (~> 0.3)
    hiredis (0.4.5)
    http_parser.rb (0.5.3)
    ipaddress (0.8.0)
    json_pure (1.8.0)
    mustache (0.99.4)
    nats (0.4.26)
      daemons (>= 1.1.5)
      eventmachine (>= 0.12.10)
      json_pure (>= 1.7.3)
      thin (>= 1.4.1)
    pg (0.14.1)
    posix-spawn (0.3.6)
    rack (1.5.2)
    rake (0.9.6)
    redis (3.0.4)
    rspec (2.13.0)
      rspec-core (~> 2.13.0)
      rspec-expectations (~> 2.13.0)
      rspec-mocks (~> 2.13.0)
    rspec-core (2.13.1)
    rspec-expectations (2.13.0)
      diff-lcs (>= 1.1.3, < 2.0)
    rspec-mocks (2.13.1)
    ruby-termios (0.9.6)
    sqlite3 (1.3.7)
    stackato-kato (2.11.0)
      docopt (= 0.5.0)
      em-hiredis
      em-http-request (= 1.0.3)
      eventmachine (= 1.0.1)
      eventmachine-tail (= 0.6.4)
      fraggle (= 4.0.1)
      fraggle-block (= 0.2.0)
      ipaddress (= 0.8.0)
      mustache (= 0.99.4)
      pg (= 0.14.1)
      redis
      ruby-termios (= 0.9.6)
      sqlite3 (= 1.3.7)
      term-ansicolor (= 1.0.7)
      vic (= 1.0.0)
      xmlparser (= 0.7.2.1)
      yajl-ruby (= 1.1.0)
    term-ansicolor (1.0.7)
    thin (1.5.1)
      daemons (>= 1.0.9)
      eventmachine (>= 0.12.6)
      rack (>= 1.0.0)
    vcap_common (1.0.12)
      eventmachine (~> 1.0.0)
      nats (= 0.4.26)
      posix-spawn (~> 0.3.6)
      stackato-kato (~> 2.11.0)
      thin (~> 1.5.0)
      yajl-ruby (~> 1.1.0)
    vic (1.0.0)
    xmlparser (0.7.2.1)
    yajl-ruby (1.1.0)

PLATFORMS
  ruby

DEPENDENCIES
  addressable (= 2.3.4)
  beefcake (= 0.3.7)
  cookiejar (= 0.3.0)
  daemons (= 1.1.9)
  diff-lcs (= 1.2.4)
  docopt (= 0.5.0)
  em-hiredis (= 0.2.1)
  em-http-request (= 1.0.3)
  em-socksify (= 0.2.1)
  eventmachine (= 1.0.1)
  eventmachine-tail (= 0.6.4)
  fraggle (= 4.0.1)
  fraggle-block (= 0.2.0)
  hiredis (= 0.4.5)
  http_parser.rb (= 0.5.3)
  ipaddress (= 0.8.0)
  json_pure (= 1.8.0)
  mustache (= 0.99.4)
  nats (= 0.4.26)
  pg (= 0.14.1)
  posix-spawn (= 0.3.6)
  rack (= 1.5.2)
  rake (= 0.9.6)
  redis (= 3.0.4)
  rspec (= 2.13.0)
  rspec-core (= 2.13.1)
  rspec-expectations (= 2.13.0)
  rspec-mocks (= 2.13.1)
  ruby-termios (= 0.9.6)
  sqlite3 (= 1.3.7)
  stackato-kato (= 2.11.0)
  term-ansicolor (= 1.0.7)
  thin (= 1.5.1)
  vcap_common (= 1.0.12)
  vic (= 1.0.0)
  xmlparser (= 0.7.2.1)
  yajl-ruby (= 1.1.0)
